GEM
  remote: https://rubygems.org/
  specs:
    action_args (2.2.1)
    actionmailer (4.2.1)
      actionpack (= 4.2.1)
      actionview (= 4.2.1)
      activejob (= 4.2.1)
      mail (~> 2.5, >= 2.5.4)
      rails-dom-testing (~> 1.0, >= 1.0.5)
    actionpack (4.2.1)
      actionview (= 4.2.1)
      activesupport (= 4.2.1)
      rack (~> 1.6)
      rack-test (~> 0.6.2)
      rails-dom-testing (~> 1.0, >= 1.0.5)
      rails-html-sanitizer (~> 1.0, >= 1.0.1)
    actionview (4.2.1)
      activesupport (= 4.2.1)
      builder (~> 3.1)
      erubis (~> 2.7.0)
      rails-dom-testing (~> 1.0, >= 1.0.5)
      rails-html-sanitizer (~> 1.0, >= 1.0.1)
    activejob (4.2.1)
      activesupport (= 4.2.1)
      globalid (>= 0.3.0)
    activemodel (4.2.1)
      activesupport (= 4.2.1)
      builder (~> 3.1)
    activerecord (4.2.1)
      activemodel (= 4.2.1)
      activesupport (= 4.2.1)
      arel (~> 6.0)
    activesupport (4.2.1)
      i18n (~> 0.7)
      json (~> 1.7, >= 1.7.7)
      minitest (~> 5.1)
      thread_safe (~> 0.3, >= 0.3.4)
      tzinfo (~> 1.1)
    addressable (2.3.5)
    anbt-sql-formatter (0.0.5)
    appsignal (2.1.2)
      rack
      thread_safe
    arel (6.0.4)
    awesome_print (1.7.0)
    better_errors (2.1.1)
      coderay (>= 1.0.0)
      erubis (>= 2.6.6)
      rack (>= 0.9.0)
    binding_of_caller (0.7.2)
      debug_inspector (>= 0.0.1)
    bounscale (0.0.4)
      json
    bugsnag (5.3.1)
    builder (3.2.3)
    bullet (5.5.1)
      activesupport (>= 3.0.0)
      uniform_notifier (~> 1.10.0)
    coderay (1.1.1)
    coffee-rails (4.0.1)
      coffee-script (>= 2.2.0)
      railties (>= 4.0.0, < 5.0)
    coffee-script (2.4.1)
      coffee-script-source
      execjs
    coffee-script-source (1.12.2)
    colorize_unpermitted_parameters (0.0.2)
      term-ansicolor
    commonjs (0.2.7)
    config (1.4.0)
      activesupport (>= 3.0)
      deep_merge (~> 1.1.1)
    debug_inspector (0.0.2)
    deep_merge (1.1.1)
    diff-lcs (1.3)
    erb2haml (0.1.5)
      html2haml
    erubis (2.7.0)
    everywhere (2.0.0)
      activerecord
    exception_notification (4.2.1)
      actionmailer (>= 4.0, < 6)
      activesupport (>= 4.0, < 6)
    excon (0.55.0)
    execjs (2.7.0)
    faraday (0.9.2)
      multipart-post (>= 1.2, < 3)
    globalid (0.4.0)
      activesupport (>= 4.2.0)
    haml (4.0.7)
      tilt
    haml-rails (0.9.0)
      actionpack (>= 4.0.1)
      activesupport (>= 4.0.1)
      haml (>= 4.0.6, < 5.0)
      html2haml (>= 1.0.1)
      railties (>= 4.0.1)
    hashie (3.5.5)
    hike (1.2.3)
    html2haml (2.1.0)
      erubis (~> 2.7.0)
      haml (~> 4.0)
      nokogiri (>= 1.6.0)
      ruby_parser (~> 3.5)
    html5_validators (1.7.0)
    i18n (0.8.1)
    i18n_generators (2.1.1)
      rails (>= 3.0.0)
    iso8601 (0.9.1)
    jbuilder (1.5.3)
      activesupport (>= 3.0.0)
      multi_json (>= 1.2.0)
    jquery-rails (4.3.1)
      rails-dom-testing (>= 1, < 3)
      railties (>= 4.2.0)
      thor (>= 0.14, < 2.0)
    json (1.8.6)
    jwt (1.5.6)
    kaminari (1.0.1)
      activesupport (>= 4.1.0)
      kaminari-actionview (= 1.0.1)
      kaminari-activerecord (= 1.0.1)
      kaminari-core (= 1.0.1)
    kaminari-actionview (1.0.1)
      actionview
      kaminari-core (= 1.0.1)
    kaminari-activerecord (1.0.1)
      activerecord
      kaminari-core (= 1.0.1)
    kaminari-core (1.0.1)
    less (2.6.0)
      commonjs (~> 0.2.7)
    less-rails (2.8.0)
      actionpack (>= 4.0)
      less (~> 2.6.0)
      sprockets (> 2, < 4)
      tilt
    libv8 (3.16.14.19)
    loofah (2.0.3)
      nokogiri (>= 1.5.9)
    mail (2.6.5)
      mime-types (>= 1.16, < 4)
    meta-tags (2.4.0)
      actionpack (>= 3.2.0, <= 5.1.0)
    method_source (0.8.2)
    mime-types (3.1)
      mime-types-data (~> 3.2015)
    mime-types-data (3.2016.0521)
    mini_portile2 (2.1.0)
    minimum-omniauth-scaffold (0.4.5)
      omniauth-facebook
      omniauth-github
      omniauth-twitter
      rails_config
      tapp-awesome_print
    minitest (5.10.1)
    multi_json (1.12.1)
    multi_xml (0.6.0)
    multipart-post (2.0.0)
    newrelic_rpm (4.1.0.333)
    nokogiri (1.6.8.1)
      mini_portile2 (~> 2.1.0)
    oauth (0.4.7)
    oauth2 (1.0.0)
      faraday (>= 0.8, < 0.10)
      jwt (~> 1.0)
      multi_json (~> 1.3)
      multi_xml (~> 0.5)
      rack (~> 1.2)
    omniauth (1.6.1)
      hashie (>= 3.4.6, < 3.6.0)
      rack (>= 1.6.2, < 3)
    omniauth-facebook (4.0.0)
      omniauth-oauth2 (~> 1.2)
    omniauth-github (1.2.3)
      omniauth (~> 1.5)
      omniauth-oauth2 (>= 1.4.0, < 2.0)
    omniauth-oauth (1.1.0)
      oauth
      omniauth (~> 1.0)
    omniauth-oauth2 (1.4.0)
      oauth2 (~> 1.0)
      omniauth (~> 1.2)
    omniauth-twitter (1.4.0)
      omniauth-oauth (~> 1.1)
      rack
    pg (0.20.0)
    pry (0.10.4)
      coderay (~> 1.1.0)
      method_source (~> 0.8.1)
      slop (~> 3.4)
    pry-rails (0.3.6)
      pry (>= 0.10.4)
    puma (3.8.2)
    quiet_assets (1.1.0)
      railties (>= 3.1, < 5.0)
    rack (1.6.5)
    rack-test (0.6.3)
      rack (>= 1.0)
    rails (4.2.1)
      actionmailer (= 4.2.1)
      actionpack (= 4.2.1)
      actionview (= 4.2.1)
      activejob (= 4.2.1)
      activemodel (= 4.2.1)
      activerecord (= 4.2.1)
      activesupport (= 4.2.1)
      bundler (>= 1.3.0, < 2.0)
      railties (= 4.2.1)
      sprockets-rails
    rails-deprecated_sanitizer (1.0.3)
      activesupport (>= 4.2.0.alpha)
    rails-dom-testing (1.0.8)
      activesupport (>= 4.2.0.beta, < 5.0)
      nokogiri (~> 1.6)
      rails-deprecated_sanitizer (>= 1.0.1)
    rails-flog-disable-sql-format (1.1.2)
      anbt-sql-formatter
      awesome_print
      rails (>= 3.2.0)
    rails-html-sanitizer (1.0.3)
      loofah (~> 2.0)
    rails_12factor (0.0.3)
      rails_serve_static_assets
      rails_stdout_logging
    rails_config (0.99.0)
      config (>= 1.0.0.beta1)
    rails_serve_static_assets (0.0.5)
    rails_stdout_logging (0.0.5)
    railties (4.2.1)
      actionpack (= 4.2.1)
      activesupport (= 4.2.1)
      rake (>= 0.8.7)
      thor (>= 0.18.1, < 2.0)
    rake (12.0.0)
    rdoc (4.3.0)
    redcarpet (3.4.0)
    ref (2.0.0)
    rspec-core (3.5.4)
      rspec-support (~> 3.5.0)
    rspec-expectations (3.5.0)
      diff-lcs (>= 1.2.0, < 2.0)
      rspec-support (~> 3.5.0)
    rspec-mocks (3.5.0)
      diff-lcs (>= 1.2.0, < 2.0)
      rspec-support (~> 3.5.0)
    rspec-rails (3.5.2)
      actionpack (>= 3.0)
      activesupport (>= 3.0)
      railties (>= 3.0)
      rspec-core (~> 3.5.0)
      rspec-expectations (~> 3.5.0)
      rspec-mocks (~> 3.5.0)
      rspec-support (~> 3.5.0)
    rspec-support (3.5.0)
    ruby-duration (3.2.3)
      activesupport (>= 3.0.0)
      i18n
      iso8601
    ruby_parser (3.9.0)
      sexp_processor (~> 4.1)
    sass (3.2.19)
    sass-rails (4.0.5)
      railties (>= 4.0.0, < 5.0)
      sass (~> 3.2.2)
      sprockets (~> 2.8, < 3.0)
      sprockets-rails (~> 2.0)
    sdoc (0.4.2)
      json (~> 1.7, >= 1.7.7)
      rdoc (~> 4.0)
    sexp_processor (4.9.0)
    simple_oauth (0.3.1)
    slop (3.6.0)
    sprockets (2.12.4)
      hike (~> 1.2)
      multi_json (~> 1.0)
      rack (~> 1.0)
      tilt (~> 1.1, != 1.3.0)
    sprockets-rails (2.3.3)
      actionpack (>= 3.0)
      activesupport (>= 3.0)
      sprockets (>= 2.8, < 4.0)
    sqlite3 (1.3.13)
    tapp (1.5.0)
      thor
    tapp-awesome_print (1.0.1)
      awesome_print
      tapp (>= 1.5.0)
    term-ansicolor (1.6.0)
      tins (~> 1.0)
    therubyracer (0.12.3)
      libv8 (~> 3.16.14.15)
      ref
    thor (0.19.4)
    thread_safe (0.3.6)
    tilt (1.4.1)
    tins (1.13.2)
    turbolinks (5.0.1)
      turbolinks-source (~> 5)
    turbolinks-source (5.0.0)
    twitter-bootswatch-rails (3.3.4.0)
      execjs (~> 2.3, >= 2.3.0)
      less-rails (~> 2.4)
      railties (>= 3.1, < 5.0)
    twitter-bootswatch-rails-fontawesome (4.3.0.0)
      less-rails (~> 2.4)
      railties (>= 3.1, < 5.0)
      twitter-bootswatch-rails (~> 3.3, >= 3.3.2)
    twitter-bootswatch-rails-helpers (3.3.2.0)
      twitter-bootswatch-rails (~> 3.3, >= 3.3.2)
    tzinfo (1.2.3)
      thread_safe (~> 0.1)
    uglifier (3.2.0)
      execjs (>= 0.3.0, < 3)
    unicode-display_width (1.2.1)
    uniform_notifier (1.10.0)
    youtube_it (2.4.2)
      builder
      excon
      faraday (>= 0.8, < 0.10)
      json (~> 1.8)
      nokogiri (~> 1.6.0)
      oauth (~> 0.4.4)
      oauth2 (~> 1.0.0)
      simple_oauth (>= 0.1.5)

PLATFORMS
  ruby

DEPENDENCIES
  action_args
  addressable (= 2.3.5)
  appsignal
  better_errors
  binding_of_caller
  bounscale
  bugsnag
  bullet
  coderay
  coffee-rails (~> 4.0.0)
  colorize_unpermitted_parameters
  erb2haml
  everywhere
  exception_notification
  haml-rails
  html5_validators
  i18n_generators
  jbuilder (~> 1.2)
  jquery-rails
  kaminari
  meta-tags
  minimum-omniauth-scaffold
  newrelic_rpm
  pg
  pry-rails
  puma
  quiet_assets
  rails (= 4.2.1)
  rails-flog-disable-sql-format
  rails_12factor
  rails_config
  redcarpet
  rspec-rails
  ruby-duration
  sass-rails (~> 4.0.0)
  sdoc
  sqlite3
  tapp-awesome_print
  therubyracer
  turbolinks
  twitter-bootswatch-rails
  twitter-bootswatch-rails-fontawesome
  twitter-bootswatch-rails-helpers
  uglifier (>= 1.3.0)
  unicode-display_width
  youtube_it

RUBY VERSION
   ruby 2.3.4p301

BUNDLED WITH
   1.14.6
